GEM
  remote: http://rubygems.org/
  specs:
    activesupport (3.2.12)
      i18n (~> 0.6)
      multi_json (~> 1.0)
    faraday (0.8.5)
      multipart-post (~> 1.1)
    http_router (0.10.2)
      rack (>= 1.0.0)
      url_mount (~> 0.2.1)
    i18n (0.6.1)
    listen (0.7.2)
    multi_json (1.6.1)
    multipart-post (1.1.5)
    newrelic_rpm (3.5.6.46)
    padrino-core (0.10.7)
      activesupport (~> 3.2.0)
      http_router (~> 0.10.2)
      sinatra (~> 1.3.1)
      thor (~> 0.15.2)
      tilt (~> 1.3.0)
    padrino-helpers (0.10.7)
      i18n (~> 0.6)
      padrino-core (= 0.10.7)
    rack (1.5.2)
    rack-protection (1.3.2)
      rack
    rb-fsevent (0.9.3)
    rerun (0.8.0)
      listen
    simple_oauth (0.2.0)
    sinatra (1.3.4)
      rack (~> 1.4)
      rack-protection (~> 1.3)
      tilt (~> 1.3, >= 1.3.3)
    thor (0.15.4)
    tilt (1.3.3)
    twitter (4.5.0)
      faraday (~> 0.8, < 0.10)
      multi_json (~> 1.0)
      simple_oauth (~> 0.2)
    url_mount (0.2.1)
      rack

PLATFORMS
  ruby

DEPENDENCIES
  newrelic_rpm
  padrino-helpers
  rb-fsevent
  rerun
  sinatra
  twitter
